GEM
  remote: https://rubygems.org/
  specs:
    bourbon (4.2.6)
      sass (~> 3.4)
      thor (~> 0.19)
    rainbow (2.0.0)
    sass (3.4.20)
    scss_lint (0.40.1)
      rainbow (~> 2.0)
      sass (~> 3.4.1)
    thor (0.19.1)

PLATFORMS
  ruby

DEPENDENCIES
  bourbon (~> 4.2.6)
  sass (~> 3.4.20)
  scss_lint (~> 0.40.1)

BUNDLED WITH
   1.11.2
